GEM
  remote: http://rubygems.org/
  specs:
    animation (0.1.alpha.3)
      compass (>= 0.12.0)
      sass (>= 3.2.0.alpha.95)
    chunky_png (1.3.4)
    compass (1.0.0)
      chunky_png (~> 1.2)
      compass-core (~> 1.0.0)
      compass-import-once (~> 1.0.5)
      rb-fsevent (>= 0.9.3)
      rb-inotify (>= 0.9)
      sass (>= 3.3.13, < 3.5)
    compass-core (1.0.3)
      multi_json (~> 1.0)
      sass (>= 3.3.0, < 3.5)
    compass-import-once (1.0.5)
      sass (>= 3.2, < 3.5)
    compass-placeholder (0.0.3)
      compass (>= 0.11)
    compass-retina-sprites (0.1.8)
      compass (>= 0.11)
      sassy-strings (>= 0.3.1)
    ffi (1.9.10)
    multi_json (1.11.2)
    rb-fsevent (0.9.5)
    rb-inotify (0.9.5)
      ffi (>= 0.5.0)
    sass (3.4.16)
    sass-css-importer (1.0.0.beta.0)
      sass (>= 3.1)
    sassy-strings (1.0.0)
      compass (>= 0.12.2)

PLATFORMS
  ruby

DEPENDENCIES
  animation
  compass (= 1.0.0)
  compass-placeholder
  compass-retina-sprites
  sass
  sass-css-importer

BUNDLED WITH
   1.10.4
